PATH
  remote: .
  specs:
    mail_plugger (1.6.1)
      mail (~> 2.5)
      net-smtp (~> 0.3)

GEM
  remote: https://rubygems.org/
  specs:
    appraisal (2.4.1)
      bundler
      rake
      thor (>= 0.14.0)
    ast (2.4.2)
    diff-lcs (1.5.0)
    docile (1.4.0)
    json (2.6.2)
    mail (2.7.1)
      mini_mime (>= 0.1.1)
    mail_grabber (1.3.0)
      mail (~> 2.5)
      rackup (~> 0.2)
      sqlite3 (~> 1.4)
    mini_mime (1.1.2)
    mini_portile2 (2.8.0)
    net-protocol (0.1.3)
      timeout
    net-smtp (0.3.2)
      net-protocol
    parallel (1.22.1)
    parser (3.1.2.1)
      ast (~> 2.4.1)
    rack (3.0.0)
    rackup (0.2.2)
      rack (>= 3.0.0.beta1)
      webrick
    rainbow (3.1.1)
    rake (13.0.6)
    regexp_parser (2.6.0)
    rexml (3.2.5)
    rspec (3.11.0)
      rspec-core (~> 3.11.0)
      rspec-expectations (~> 3.11.0)
      rspec-mocks (~> 3.11.0)
    rspec-core (3.11.0)
      rspec-support (~> 3.11.0)
    rspec-expectations (3.11.1)
      diff-lcs (>= 1.2.0, < 2.0)
      rspec-support (~> 3.11.0)
    rspec-mocks (3.11.1)
      diff-lcs (>= 1.2.0, < 2.0)
      rspec-support (~> 3.11.0)
    rspec-support (3.11.1)
    rubocop (1.37.0)
      json (~> 2.3)
      parallel (~> 1.10)
      parser (>= 3.1.2.1)
      rainbow (>= 2.2.2, < 4.0)
      regexp_parser (>= 1.8, < 3.0)
      rexml (>= 3.2.5, < 4.0)
      rubocop-ast (>= 1.22.0, < 2.0)
      ruby-progressbar (~> 1.7)
      unicode-display_width (>= 1.4.0, < 3.0)
    rubocop-ast (1.23.0)
      parser (>= 3.1.1.0)
    rubocop-performance (1.15.0)
      rubocop (>= 1.7.0, < 2.0)
      rubocop-ast (>= 0.4.0)
    rubocop-rspec (2.13.2)
      rubocop (~> 1.33)
    ruby-progressbar (1.11.0)
    simplecov (0.21.2)
      docile (~> 1.1)
      simplecov-html (~> 0.11)
      simplecov_json_formatter (~> 0.1)
    simplecov-html (0.12.3)
    simplecov_json_formatter (0.1.4)
    sqlite3 (1.5.3)
      mini_portile2 (~> 2.8.0)
    thor (1.2.1)
    timeout (0.3.0)
    unicode-display_width (2.3.0)
    webrick (1.7.0)

PLATFORMS
  ruby

DEPENDENCIES
  appraisal
  mail_grabber
  mail_plugger!
  rake (~> 13.0)
  rspec (~> 3.0)
  rubocop (~> 1.7)
  rubocop-performance
  rubocop-rspec
  simplecov

BUNDLED WITH
   2.3.22
