PATH
  remote: .
  specs:
    mail_plugger (1.4.0)
      mail (~> 2.5)
      net-smtp (~> 0.3)

GEM
  remote: https://rubygems.org/
  specs:
    appraisal (2.4.1)
      bundler
      rake
      thor (>= 0.14.0)
    ast (2.4.2)
    diff-lcs (1.5.0)
    digest (3.1.0)
    docile (1.4.0)
    io-wait (0.2.1)
    mail (2.7.1)
      mini_mime (>= 0.1.1)
    mail_grabber (1.1.0)
      mail (~> 2.5)
      rack (~> 2.2)
      sqlite3 (~> 1.4)
    mini_mime (1.1.2)
    net-protocol (0.1.2)
      io-wait
      timeout
    net-smtp (0.3.1)
      digest
      net-protocol
      timeout
    parallel (1.21.0)
    parser (3.0.3.2)
      ast (~> 2.4.1)
    rack (2.2.3)
    rainbow (3.0.0)
    rake (13.0.6)
    regexp_parser (2.2.0)
    rexml (3.2.5)
    rspec (3.10.0)
      rspec-core (~> 3.10.0)
      rspec-expectations (~> 3.10.0)
      rspec-mocks (~> 3.10.0)
    rspec-core (3.10.1)
      rspec-support (~> 3.10.0)
    rspec-expectations (3.10.1)
      diff-lcs (>= 1.2.0, < 2.0)
      rspec-support (~> 3.10.0)
    rspec-mocks (3.10.2)
      diff-lcs (>= 1.2.0, < 2.0)
      rspec-support (~> 3.10.0)
    rspec-support (3.10.3)
    rubocop (1.24.0)
      parallel (~> 1.10)
      parser (>= 3.0.0.0)
      rainbow (>= 2.2.2, < 4.0)
      regexp_parser (>= 1.8, < 3.0)
      rexml
      rubocop-ast (>= 1.15.0, < 2.0)
      ruby-progressbar (~> 1.7)
      unicode-display_width (>= 1.4.0, < 3.0)
    rubocop-ast (1.15.1)
      parser (>= 3.0.1.1)
    rubocop-performance (1.13.0)
      rubocop (>= 1.7.0, < 2.0)
      rubocop-ast (>= 0.4.0)
    rubocop-rspec (2.7.0)
      rubocop (~> 1.19)
    ruby-progressbar (1.11.0)
    simplecov (0.21.2)
      docile (~> 1.1)
      simplecov-html (~> 0.11)
      simplecov_json_formatter (~> 0.1)
    simplecov-html (0.12.3)
    simplecov_json_formatter (0.1.3)
    sqlite3 (1.4.2)
    thor (1.1.0)
    timeout (0.2.0)
    unicode-display_width (2.1.0)

PLATFORMS
  ruby

DEPENDENCIES
  appraisal
  mail_grabber
  mail_plugger!
  rake (~> 13.0)
  rspec (~> 3.0)
  rubocop (~> 1.7)
  rubocop-performance
  rubocop-rspec
  simplecov

BUNDLED WITH
   2.3.4
